GEM
  remote: https://rubygems.org/
  specs:
    faraday (0.15.0)
      multipart-post (>= 1.2, < 3)
    fdk (0.0.8)
      json (~> 2.1, >= 2.1.0)
    gibbon (3.2.0)
      faraday (>= 0.9.1)
      multi_json (>= 1.11.0)
    json (2.1.0)
    jwt (2.1.0)
    multi_json (1.13.1)
    multipart-post (2.0.0)

PLATFORMS
  ruby

DEPENDENCIES
  fdk (>= 0.0.8, < 2.0.0)
  gibbon
  json (~> 2.0)
  jwt

BUNDLED WITH
   1.16.0
